GEM
  remote: https://rubygems.org/
  specs:
    bigdecimal (3.1.6)
    debug (1.9.1)
      irb (~> 1.10)
      reline (>= 0.3.8)
    hanami-api (0.3.0)
      hanami-router (~> 2.0)
    hanami-router (2.0.2)
      mustermann (~> 3.0)
      mustermann-contrib (~> 3.0)
      rack (~> 2.0)
    hansi (0.2.1)
    io-console (0.7.2)
    irb (1.11.1)
      rdoc
      reline (>= 0.4.2)
    minitest (5.22.0)
    mustermann (3.0.0)
      ruby2_keywords (~> 0.0.1)
    mustermann-contrib (3.0.0)
      hansi (~> 0.2.0)
      mustermann (= 3.0.0)
    nio4r (2.7.0)
    pg (1.5.4)
    psych (5.1.2)
      stringio
    puma (6.4.2)
      nio4r (~> 2.0)
    rack (2.2.8)
    rack-test (2.1.0)
      rack (>= 1.3)
    rake (13.1.0)
    rdoc (6.6.2)
      psych (>= 4.0.0)
    reline (0.4.2)
      io-console (~> 0.5)
    ruby2_keywords (0.0.5)
    sequel (5.77.0)
      bigdecimal
    sqlite3 (1.7.2-aarch64-linux)
    sqlite3 (1.7.2-arm-linux)
    sqlite3 (1.7.2-arm64-darwin)
    sqlite3 (1.7.2-x86-linux)
    sqlite3 (1.7.2-x86_64-darwin)
    sqlite3 (1.7.2-x86_64-linux)
    stringio (3.1.0)

PLATFORMS
  aarch64-linux
  arm-linux
  arm64-darwin
  x86-linux
  x86_64-darwin
  x86_64-linux

DEPENDENCIES
  debug (>= 1.0.0)
  hanami-api (~> 0.2)
  hanami-router (~> 2.0)
  minitest
  pg
  puma
  rack-test
  rake
  sequel
  sqlite3

BUNDLED WITH
   2.5.5
